GEM
  remote: http://rubygems.org/
  specs:
    activesupport (3.0.5)
    constructor (2.0.0)
    diff-lcs (1.1.2)
    i18n (0.5.0)
    rr (1.0.2)
    rspec (2.5.0)
      rspec-core (~> 2.5.0)
      rspec-expectations (~> 2.5.0)
      rspec-mocks (~> 2.5.0)
    rspec-core (2.5.1)
    rspec-expectations (2.5.0)
      diff-lcs (~> 1.1.2)
    rspec-mocks (2.5.0)

PLATFORMS
  ruby

DEPENDENCIES
  activesupport
  constructor
  i18n
  rr
  rspec
